PATH
  remote: .
  specs:
    news_stand (0.1.0)

GEM
  remote: https://rubygems.org/
  specs:
    dotenv (2.7.5)
    httparty (0.18.0)
      mime-types (~> 3.0)
      multi_xml (>= 0.5.2)
    json (2.3.0)
    mime-types (3.3.1)
      mime-types-data (~> 3.2015)
    mime-types-data (3.2020.0425)
    multi_xml (0.6.0)
    news-api (0.2.0)
    rake (12.3.3)

PLATFORMS
  ruby

DEPENDENCIES
  dotenv (~> 2.7, >= 2.7.5)
  httparty
  json
  news-api
  news_stand!
  rake (~> 12.0)

BUNDLED WITH
   2.1.2
