PATH
  remote: .
  specs:
    news_stand (0.1.0)

GEM
  remote: https://rubygems.org/
  specs:
    dotenv (2.7.5)
    httparty (0.21.0)
      mini_mime (>= 1.0.0)
      multi_xml (>= 0.5.2)
    json (2.3.0)
    mini_mime (1.1.2)
    multi_xml (0.6.0)
    news-api (0.2.0)
    rake (12.3.3)

PLATFORMS
  ruby

DEPENDENCIES
  dotenv (~> 2.7, >= 2.7.5)
  httparty
  json
  news-api
  news_stand!
  rake (~> 12.0)

BUNDLED WITH
   2.1.2
